GEM
  remote: https://rubygems.org/
  specs:
    backports (3.7.0)
    coderay (1.1.1)
    diff-lcs (1.3)
    ffi (1.9.18)
    foreman (0.84.0)
      thor (~> 0.19.1)
    haml (4.0.7)
      tilt
    listen (3.1.5)
      rb-fsevent (~> 0.9, >= 0.9.4)
      rb-inotify (~> 0.9, >= 0.9.7)
      ruby_dep (~> 1.2)
    method_source (0.8.2)
    minitest (5.10.1)
    multi_json (1.12.1)
    pry (0.10.4)
      coderay (~> 1.1.0)
      method_source (~> 0.8.1)
      slop (~> 3.4)
    puma (3.8.2)
    rack (1.6.5)
    rack-protection (1.5.3)
      rack
    rack-test (0.6.3)
      rack (>= 1.0)
    rake (10.5.0)
    rb-fsevent (0.9.8)
    rb-inotify (0.9.8)
      ffi (>= 0.5.0)
    rerun (0.11.0)
      listen (~> 3.0)
    rspec (3.5.0)
      rspec-core (~> 3.5.0)
      rspec-expectations (~> 3.5.0)
      rspec-mocks (~> 3.5.0)
    rspec-core (3.5.4)
      rspec-support (~> 3.5.0)
    rspec-expectations (3.5.0)
      diff-lcs (>= 1.2.0, < 2.0)
      rspec-support (~> 3.5.0)
    rspec-mocks (3.5.0)
      diff-lcs (>= 1.2.0, < 2.0)
      rspec-support (~> 3.5.0)
    rspec-support (3.5.0)
    ruby_dep (1.5.0)
    sass (3.4.23)
    sinatra (1.4.8)
      rack (~> 1.5)
      rack-protection (~> 1.4)
      tilt (>= 1.3, < 3)
    sinatra-contrib (1.4.7)
      backports (>= 2.0)
      multi_json
      rack-protection
      rack-test
      sinatra (~> 1.4.0)
      tilt (>= 1.3, < 3)
    sinatra-reloader (1.0)
      sinatra-contrib
    slop (3.6.0)
    thor (0.19.4)
    tilt (2.0.7)

PLATFORMS
  ruby

DEPENDENCIES
  foreman
  haml
  minitest (~> 5.2)
  pry
  puma
  rack-test (~> 0.6)
  rake (~> 10.0)
  rerun
  rspec
  sass
  sinatra
  sinatra-reloader

BUNDLED WITH
   1.14.6
